GIT
  remote: git://github.com/librariesio/gemnasium-parser.git
  revision: 672f0938cab6d6b3825c5212003654f8c7e5a8b6
  specs:
    gemnasium-parser (0.1.10)

GEM
  remote: https://rubygems.org/
  specs:
    kgio (2.10.0)
    minitest (5.8.4)
    oj (2.14.3)
    rack (1.6.4)
    rack-protection (1.5.3)
      rack
    rack-test (0.6.3)
      rack (>= 1.0)
    raindrops (0.15.0)
    rake (10.5.0)
    sinatra (1.4.7)
      rack (~> 1.5)
      rack-protection (~> 1.4)
      tilt (>= 1.3, < 3)
    tilt (2.0.2)
    unicorn (5.0.1)
      kgio (~> 2.6)
      rack
      raindrops (~> 0.7)

PLATFORMS
  ruby

DEPENDENCIES
  bundler
  gemnasium-parser!
  minitest
  oj
  rack-test
  rake
  sinatra
  unicorn

BUNDLED WITH
   1.11.2
