GEM
  remote: https://rubygems.org/
  specs:
    kgio (2.11.0)
    librariesio-gem-parser (1.0.0)
    minitest (5.10.3)
    mustermann (1.0.0)
    oj (3.3.2)
    rack (2.0.3)
    rack-protection (2.0.0)
      rack
    rack-test (0.7.0)
      rack (>= 1.0, < 3)
    raindrops (0.18.0)
    rake (12.0.0)
    sinatra (2.0.0)
      mustermann (~> 1.0)
      rack (~> 2.0)
      rack-protection (= 2.0.0)
      tilt (~> 2.0)
    tilt (2.0.8)
    unicorn (5.3.0)
      kgio (~> 2.6)
      raindrops (~> 0.7)

PLATFORMS
  ruby

DEPENDENCIES
  bundler
  librariesio-gem-parser
  minitest
  oj
  rack-test
  rake
  sinatra
  unicorn

RUBY VERSION
   ruby 2.3.1p112

BUNDLED WITH
   1.14.6
